Brain Vision Data Exchange Header File Version 1.0
; Data created by the Vision Recorder

[Common Infos]
Codepage=UTF-8
DataFile=045_RS_C_1.eeg
MarkerFile=045_RS_C_1.vmrk
DataFormat=BINARY
; Data orientation: MULTIPLEXED=ch1,pt1, ch2,pt1 ...
DataOrientation=MULTIPLEXED
NumberOfChannels=64
; Sampling interval in microseconds
SamplingInterval=1000

[Binary Infos]
BinaryFormat=INT_16

[Channel Infos]
; Each entry: Ch<Channel number>=<Name>,<Reference channel name>,
; <Resolution in "Unit">,<Unit>, Future extensions..
; Fields are delimited by commas, some fields might be omitted (empty).
; Commas in channel names are coded as "\1".
Ch1=Fp1,,0.1,µV
Ch2=Fp2,,0.1,µV
Ch3=AF7,,0.1,µV
Ch4=AF3,,0.1,µV
Ch5=AFz,,0.1,µV
Ch6=AF4,,0.1,µV
Ch7=AF8,,0.1,µV
Ch8=F7,,0.1,µV
Ch9=F5,,0.1,µV
Ch10=F3,,0.1,µV
Ch11=F1,,0.1,µV
Ch12=Fz,,0.1,µV
Ch13=F2,,0.1,µV
Ch14=F4,,0.1,µV
Ch15=F6,,0.1,µV
Ch16=F8,,0.1,µV
Ch17=FT9,,0.1,µV
Ch18=FT7,,0.1,µV
Ch19=FC5,,0.1,µV
Ch20=FC3,,0.1,µV
Ch21=FC1,,0.1,µV
Ch22=FC2,,0.1,µV
Ch23=FC4,,0.1,µV
Ch24=FC6,,0.1,µV
Ch25=FT8,,0.1,µV
Ch26=FT10,,0.1,µV
Ch27=T7,,0.1,µV
Ch28=C5,,0.1,µV
Ch29=C3,,0.1,µV
Ch30=C1,,0.1,µV
Ch31=Cz,,0.1,µV
Ch32=C2,,0.1,µV
Ch33=C4,,0.1,µV
Ch34=C6,,0.1,µV
Ch35=T8,,0.1,µV
Ch36=TP9,,0.1,µV
Ch37=TP7,,0.1,µV
Ch38=CP5,,0.1,µV
Ch39=CP3,,0.1,µV
Ch40=CP1,,0.1,µV
Ch41=CPz,,0.1,µV
Ch42=CP2,,0.1,µV
Ch43=CP4,,0.1,µV
Ch44=CP6,,0.1,µV
Ch45=TP8,,0.1,µV
Ch46=FCz,,0.1,µV
Ch47=P7,,0.1,µV
Ch48=P5,,0.1,µV
Ch49=P3,,0.1,µV
Ch50=P1,,0.1,µV
Ch51=Pz,,0.1,µV
Ch52=P2,,0.1,µV
Ch53=P4,,0.1,µV
Ch54=P6,,0.1,µV
Ch55=P8,,0.1,µV
Ch56=PO7,,0.1,µV
Ch57=PO3,,0.1,µV
Ch58=POz,,0.1,µV
Ch59=PO4,,0.1,µV
Ch60=PO8,,0.1,µV
Ch61=O1,,0.1,µV
Ch62=Oz,,0.1,µV
Ch63=O2,,0.1,µV
Ch64=Iz,,0.1,µV

[Comment]

BrainVision Recorder Professional   -   V. 1.20.0601


A m p l i f i e r  S e t u p
============================
Number of channels: 64
Sampling Rate [Hz]: 1000
Sampling Interval [µS]: 1000

Channels
--------
#     Name      Phys. Chn.    Resolution / Unit   Low Cutoff [s]   High Cutoff [Hz]   Notch [Hz]    Series Res. [kOhm] Gradient         Offset
1     Fp1         1                0.1 µV             10              250              Off                0                 
2     Fp2         32               0.1 µV             10              250              Off                0                 
3     AF7         33               0.1 µV             10              250              Off                0                 
4     AF3         34               0.1 µV             10              250              Off                0                 
5     AFz         35               0.1 µV             10              250              Off                0                 
6     AF4         62               0.1 µV             10              250              Off                0                 
7     AF8         61               0.1 µV             10              250              Off                0                 
8     F7          4                0.1 µV             10              250              Off                0                 
9     F5          37               0.1 µV             10              250              Off                0                 
10    F3          3                0.1 µV             10              250              Off                0                 
11    F1          36               0.1 µV             10              250              Off                0                 
12    Fz          2                0.1 µV             10              250              Off                0                 
13    F2          63               0.1 µV             10              250              Off                0                 
14    F4          30               0.1 µV             10              250              Off                0                 
15    F6          60               0.1 µV             10              250              Off                0                 
16    F8          31               0.1 µV             10              250              Off                0                 
17    FT9         5                0.1 µV             10              250              Off                0                 
18    FT7         38               0.1 µV             10              250              Off                0                 
19    FC5         6                0.1 µV             10              250              Off                0                 
20    FC3         39               0.1 µV             10              250              Off                0                 
21    FC1         7                0.1 µV             10              250              Off                0                 
22    FC2         29               0.1 µV             10              250              Off                0                 
23    FC4         58               0.1 µV             10              250              Off                0                 
24    FC6         28               0.1 µV             10              250              Off                0                 
25    FT8         59               0.1 µV             10              250              Off                0                 
26    FT10        27               0.1 µV             10              250              Off                0                 
27    T7          9                0.1 µV             10              250              Off                0                 
28    C5          41               0.1 µV             10              250              Off                0                 
29    C3          8                0.1 µV             10              250              Off                0                 
30    C1          40               0.1 µV             10              250              Off                0                 
31    Cz          24               0.1 µV             10              250              Off                0                 
32    C2          57               0.1 µV             10              250              Off                0                 
33    C4          25               0.1 µV             10              250              Off                0                 
34    C6          56               0.1 µV             10              250              Off                0                 
35    T8          26               0.1 µV             10              250              Off                0                 
36    TP9         10               0.1 µV             10              250              Off                0                 
37    TP7         42               0.1 µV             10              250              Off                0                 
38    CP5         11               0.1 µV             10              250              Off                0                 
39    CP3         43               0.1 µV             10              250              Off                0                 
40    CP1         12               0.1 µV             10              250              Off                0                 
41    CPz         53               0.1 µV             10              250              Off                0                 
42    CP2         23               0.1 µV             10              250              Off                0                 
43    CP4         54               0.1 µV             10              250              Off                0                 
44    CP6         22               0.1 µV             10              250              Off                0                 
45    TP8         55               0.1 µV             10              250              Off                0                 
46    FCz         21               0.1 µV             10              250              Off                0                 
47    P7          15               0.1 µV             10              250              Off                0                 
48    P5          45               0.1 µV             10              250              Off                0                 
49    P3          14               0.1 µV             10              250              Off                0                 
50    P1          44               0.1 µV             10              250              Off                0                 
51    Pz          13               0.1 µV             10              250              Off                0                 
52    P2          52               0.1 µV             10              250              Off                0                 
53    P4          19               0.1 µV             10              250              Off                0                 
54    P6          51               0.1 µV             10              250              Off                0                 
55    P8          20               0.1 µV             10              250              Off                0                 
56    PO7         46               0.1 µV             10              250              Off                0                 
57    PO3         47               0.1 µV             10              250              Off                0                 
58    POz         48               0.1 µV             10              250              Off                0                 
59    PO4         49               0.1 µV             10              250              Off                0                 
60    PO8         50               0.1 µV             10              250              Off                0                 
61    O1          16               0.1 µV             10              250              Off                0                 
62    Oz          17               0.1 µV             10              250              Off                0                 
63    O2          18               0.1 µV             10              250              Off                0                 
64    Iz          64               0.1 µV             10              250              Off                0                 

S o f t w a r e  F i l t e r s
==============================
Disabled


Test Signal from actiCAP is used.
Impedances Imported from actiCAP Control Software:
Impedance [kOhm] at 16:36:17 :
Fp1:          6
Fp2:          7
AF7:          9
AF3:         11
AFz:         11
AF4:         11
AF8:         10
F7:          16
F5:          12
F3:           8
F1:          10
Fz:           1
F2:           8
F4:          10
F6:          12
F8:          12
FT9:          6
FT7:          6
FC5:          7
FC3:          8
FC1:          9
FC2:          7
FC4:         12
FC6:          8
FT8:         10
FT10:        14
T7:          11
C5:           5
C3:           1
C1:           6
Cz:           2
C2:           6
C4:           9
C6:           4
T8:          10
TP9:          5
TP7:          6
CP5:          3
CP3:          7
CP1:          3
CPz:          0
CP2:          5
CP4:         10
CP6:         14
TP8:         12
FCz:         10
P7:          13
P5:           2
P3:           0
P1:           7
Pz:           7
P2:          11
P4:          10
P6:           8
P8:           8
PO7:          6
PO3:         11
POz:          0
PO4:          3
PO8:          2
O1:          13
Oz:           2
O2:           7
Iz:           8
Gnd:          1
Ref:          2
